GEM
  remote: https://rubygems.org/
  specs:
    chunky_png (1.3.1)
    compass (1.0.0.alpha.20)
      chunky_png (~> 1.2)
      compass-core (~> 1.0.0.alpha.20)
      compass-import-once (~> 1.0.4)
      rb-fsevent (>= 0.9.3)
      rb-inotify (>= 0.9)
      sass (>= 3.3.0, < 3.5)
    compass-core (1.0.0.alpha.20)
      multi_json (~> 1.0)
      sass (>= 3.3.0, < 3.5)
    compass-import-once (1.0.4)
      sass (>= 3.2, < 3.5)
    ffi (1.9.3-x86-mingw32)
    multi_json (1.10.1)
    oily_png (1.1.1)
      chunky_png (~> 1.3.0)
    rb-fsevent (0.9.4)
    rb-inotify (0.9.5)
      ffi (>= 0.5.0)
    sass (3.3.9)
    wdm (0.1.0)

PLATFORMS
  x86-mingw32

DEPENDENCIES
  compass (= 1.0.0.alpha.20)
  oily_png
  sass (>= 3.3)
  wdm (~> 0.1.0)
